GEM
  remote: http://rubygems.org/
  specs:
    activemodel (3.2.1)
      activesupport (= 3.2.1)
      builder (~> 3.0.0)
    activesupport (3.2.1)
      i18n (~> 0.6)
      multi_json (~> 1.0)
    backports (2.3.0)
    bson (1.5.2)
    bson_ext (1.5.2)
      bson (= 1.5.2)
    builder (3.0.0)
    diff-lcs (1.1.3)
    eventmachine (0.12.10)
    foreman (0.37.1)
      term-ansicolor (~> 1.0.7)
      thor (>= 0.13.6)
    grit (2.4.1)
      diff-lcs (~> 1.1)
      mime-types (~> 1.15)
    haml (3.1.4)
    http_router (0.10.2)
      rack (>= 1.0.0)
      url_mount (~> 0.2.1)
    i18n (0.6.0)
    json (1.6.5)
    mail (2.3.0)
      i18n (>= 0.4.0)
      mime-types (~> 1.16)
      treetop (~> 1.4.8)
    mime-types (1.17.2)
    mongo (1.5.2)
      bson (= 1.5.2)
    mongo_mapper (0.11.0)
      activemodel (~> 3.0)
      activesupport (~> 3.0)
      plucky (~> 0.4.0)
    multi_json (1.0.4)
    plucky (0.4.4)
      mongo (~> 1.5)
    polyglot (0.3.3)
    rack (1.4.1)
    rack-protection (1.2.0)
      rack
    rack-test (0.6.1)
      rack (>= 1.0)
    racksh (0.9.10)
      rack (>= 1.0)
      rack-test (>= 0.5)
    shotgun (0.9)
      rack (>= 1.0)
    sinatra (1.3.2)
      rack (~> 1.3, >= 1.3.6)
      rack-protection (~> 1.2)
      tilt (~> 1.3, >= 1.3.3)
    sinatra-contrib (1.3.1)
      backports (>= 2.0)
      eventmachine
      rack-protection
      rack-test
      sinatra (~> 1.3.0)
      tilt (~> 1.3)
    term-ansicolor (1.0.7)
    thor (0.14.6)
    tilt (1.3.3)
    treetop (1.4.10)
      polyglot
      polyglot (>= 0.3.1)
    url_mount (0.2.1)
      rack

PLATFORMS
  ruby

DEPENDENCIES
  activemodel (= 3.2.1)
  activesupport (= 3.2.1)
  backports (= 2.3.0)
  bson (= 1.5.2)
  bson_ext (= 1.5.2)
  builder (= 3.0.0)
  bundler (= 1.0.21)
  diff-lcs (= 1.1.3)
  eventmachine (= 0.12.10)
  foreman (= 0.37.1)
  grit (= 2.4.1)
  haml (= 3.1.4)
  http_router (= 0.10.2)
  i18n (= 0.6.0)
  json (= 1.6.5)
  mail (= 2.3.0)
  mime-types (= 1.17.2)
  mongo (= 1.5.2)
  mongo_mapper (= 0.11.0)
  multi_json (= 1.0.4)
  plucky (= 0.4.4)
  polyglot (= 0.3.3)
  rack (= 1.4.1)
  rack-protection (= 1.2.0)
  rack-test (= 0.6.1)
  racksh (= 0.9.10)
  shotgun (= 0.9)
  sinatra (= 1.3.2)
  sinatra-contrib (= 1.3.1)
  term-ansicolor (= 1.0.7)
  thor (= 0.14.6)
  tilt (= 1.3.3)
  treetop (= 1.4.10)
  url_mount (= 0.2.1)
