GEM
  remote: http://rubygems.org/
  specs:
    activesupport (3.1.3)
      multi_json (~> 1.0)
    backports (2.3.0)
    diff-lcs (1.1.3)
    eventmachine (0.12.10)
    foreman (0.37.1)
      term-ansicolor (~> 1.0.7)
      thor (>= 0.13.6)
    grit (2.4.1)
      diff-lcs (~> 1.1)
      mime-types (~> 1.15)
    haml (3.1.4)
    http_router (0.10.2)
      rack (>= 1.0.0)
      url_mount (~> 0.2.1)
    i18n (0.6.0)
    json (1.6.5)
    mail (2.3.0)
      i18n (>= 0.4.0)
      mime-types (~> 1.16)
      treetop (~> 1.4.8)
    mime-types (1.17.2)
    multi_json (1.0.4)
    padrino (0.10.5)
      padrino-admin (= 0.10.5)
      padrino-cache (= 0.10.5)
      padrino-core (= 0.10.5)
      padrino-gen (= 0.10.5)
      padrino-helpers (= 0.10.5)
      padrino-mailer (= 0.10.5)
    padrino-admin (0.10.5)
      padrino-core (= 0.10.5)
      padrino-helpers (= 0.10.5)
    padrino-cache (0.10.5)
      padrino-core (= 0.10.5)
    padrino-core (0.10.5)
      activesupport (~> 3.1.0)
      http_router (~> 0.10.2)
      sinatra (~> 1.3.1)
      thor (~> 0.14.3)
      tilt (~> 1.3.0)
    padrino-gen (0.10.5)
      bundler (~> 1.0)
      grit (~> 2.4.1)
      padrino-core (= 0.10.5)
    padrino-helpers (0.10.5)
      i18n (~> 0.6)
      padrino-core (= 0.10.5)
    padrino-mailer (0.10.5)
      mail (~> 2.3.0)
      padrino-core (= 0.10.5)
    polyglot (0.3.3)
    rack (1.4.1)
    rack-protection (1.2.0)
      rack
    rack-test (0.6.1)
      rack (>= 1.0)
    shotgun (0.9)
      rack (>= 1.0)
    sinatra (1.3.2)
      rack (~> 1.3, >= 1.3.6)
      rack-protection (~> 1.2)
      tilt (~> 1.3, >= 1.3.3)
    sinatra-contrib (1.3.1)
      backports (>= 2.0)
      eventmachine
      rack-protection
      rack-test
      sinatra (~> 1.3.0)
      tilt (~> 1.3)
    term-ansicolor (1.0.7)
    thor (0.14.6)
    tilt (1.3.3)
    treetop (1.4.10)
      polyglot
      polyglot (>= 0.3.1)
    url_mount (0.2.1)
      rack

PLATFORMS
  ruby

DEPENDENCIES
  activesupport (= 3.1.3)
  backports (= 2.3.0)
  bundler (= 1.0.21)
  diff-lcs (= 1.1.3)
  eventmachine (= 0.12.10)
  foreman (= 0.37.1)
  grit (= 2.4.1)
  haml (= 3.1.4)
  http_router (= 0.10.2)
  i18n (= 0.6.0)
  json (= 1.6.5)
  mail (= 2.3.0)
  mime-types (= 1.17.2)
  multi_json (= 1.0.4)
  padrino (= 0.10.5)
  padrino-admin (= 0.10.5)
  padrino-cache (= 0.10.5)
  padrino-core (= 0.10.5)
  padrino-gen (= 0.10.5)
  padrino-helpers (= 0.10.5)
  padrino-mailer (= 0.10.5)
  polyglot (= 0.3.3)
  rack (= 1.4.1)
  rack-protection (= 1.2.0)
  rack-test (= 0.6.1)
  shotgun (= 0.9)
  sinatra (= 1.3.2)
  sinatra-contrib (= 1.3.1)
  term-ansicolor (= 1.0.7)
  thor (= 0.14.6)
  tilt (= 1.3.3)
  treetop (= 1.4.10)
  url_mount (= 0.2.1)
